NUGET
  remote: https://www.nuget.org/api/v2
  specs:
    AppDomainToolkit (1.0.4.1)
    Autofac (3.5.2)
    Autofac.Extras.FakeItEasy (3.0.2)
      Autofac (>= 3.3.1 < 4.0.0)
      FakeItEasy (>= 1.18.0)
    AutoFixture (3.22.0)
    AutoPoco (1.0.0.0)
    Bogus (2.1.5.2)
      Newtonsoft.Json  - framework: >= net40
    CsQuery (1.3.4)
    FakeItEasy (1.25.2)
    FluentAssertions (2.2.0.0)
    FsUnit (1.3.0.1)
      NUnit (>= 2.6.3)
    FubuCore (1.3.0.278)
    FubuCsProjFile (1.1.0.83)
      FubuCore (>= 1.0)
    Microsoft.CodeAnalysis.Common (1.0.0-beta1-20141031-01)
      System.Collections.Immutable (1.1.32-beta)
      System.Reflection.Metadata (1.0.17-beta)
    Microsoft.CodeAnalysis.CSharp (1.0.0-beta1-20141031-01)
      Microsoft.CodeAnalysis.Common (1.0.0-beta1-20141031-01)
    Moq (4.2.1312.1622)
    Newtonsoft.Json (7.0.1)
    NuGet.CommandLine (2.8.3)
    NUnit (2.6.4)
    RazorMachine (2.6.1)
    Rx-Core (2.2.5) - framework: >= net451
      Rx-Interfaces (>= 2.2.5)
    Rx-Interfaces (2.2.5) - framework: >= net451
    Rx-Linq (2.2.5) - framework: >= net451
      Rx-Core (>= 2.2.5)
      Rx-Interfaces (>= 2.2.5)
    Rx-Main (2.2.5) - framework: >= net451
      Rx-Core (>= 2.2.5)
      Rx-Interfaces (>= 2.2.5)
      Rx-Linq (>= 2.2.5)
      Rx-PlatformServices (>= 2.2.5)
    Rx-PlatformServices (2.2.5) - framework: >= net451
      Rx-Core (>= 2.2.5)
      Rx-Interfaces (>= 2.2.5)
    ShellProgressBar (1.0.0.0)
    SimpleJson (0.32.0)
    System.Collections.Immutable (1.1.32-beta)
    System.Reflection.Metadata (1.0.17-beta)
      System.Collections.Immutable (>= 1.1.32-beta)
    xunit (2.1.0-beta3-build3029)
      xunit.assert (2.1.0-beta3-build3029)
      xunit.core (2.1.0-beta3-build3029)
    xunit.abstractions (2.0.0)
    xunit.assert (2.1.0-beta3-build3029)
    xunit.core (2.1.0-beta3-build3029)
      xunit.extensibility.core (2.1.0-beta3-build3029)
      xunit.extensibility.execution (2.1.0-beta3-build3029)
    xunit.extensibility.core (2.1.0-beta3-build3029)
      xunit.abstractions (2.0.0)
    xunit.extensibility.execution (2.1.0-beta3-build3029)
      xunit.extensibility.core (2.1.0-beta3-build3029)
    YamlDotNet (3.0.0)
